GEM
  remote: https://rubygems.org/
  specs:
    bind-it (0.2.7-java)
    haml (4.0.5)
      tilt
    jdbc-sqlite3 (3.7.2.1)
    open-nlp (0.1.5)
      bind-it (~> 0.2.5)
    rack (1.5.2)
    rack-protection (1.5.3)
      rack
    shotgun (0.9)
      rack (>= 1.0)
    sinatra (1.4.5)
      rack (~> 1.4)
      rack-protection (~> 1.4)
      tilt (~> 1.3, >= 1.3.4)
    tilt (1.4.1)

PLATFORMS
  java

DEPENDENCIES
  haml
  jdbc-sqlite3
  open-nlp
  shotgun
  sinatra
